GEM
  remote: https://rubygems.org/
  specs:
    bcrypt (3.1.18)
    cgi (0.3.6)
    combine_pdf (1.0.23)
      matrix
      ruby-rc4 (>= 0.1.5)
    date (3.3.3)
    erb (4.0.2)
      cgi (>= 0.3.3)
    grover (1.1.5)
      combine_pdf (~> 1.0)
      nokogiri (~> 1.0)
    json (2.6.3)
    matrix (0.4.2)
    mustermann (3.0.0)
      ruby2_keywords (~> 0.0.1)
    nokogiri (1.14.3-x86_64-linux)
      racc (~> 1.4)
    pdfkit (0.8.7.2)
    racc (1.6.2)
    rack (2.2.6.4)
    rack-protection (3.0.6)
      rack
    ruby-rc4 (0.1.5)
    ruby2_keywords (0.0.5)
    sequel (5.67.0)
    sinatra (3.0.6)
      mustermann (~> 3.0)
      rack (~> 2.2, >= 2.2.4)
      rack-protection (= 3.0.6)
      tilt (~> 2.0)
    sinatra-flash (0.3.0)
      sinatra (>= 1.0.0)
    sqlite3 (1.6.2-x86_64-linux)
    tilt (2.1.0)
    wkhtmltopdf (0.1.2)

PLATFORMS
  x86_64-linux

DEPENDENCIES
  bcrypt
  date
  erb
  grover
  json
  nokogiri
  pdfkit
  rack (~> 2.2.3)
  sequel
  sinatra
  sinatra-flash
  sqlite3
  wkhtmltopdf

BUNDLED WITH
   2.4.9
